PATH
  remote: .
  specs:
    example (0.0.1)

GEM
  remote: https://rubygems.org/
  specs:
    rake (13.1.0)
    rake-compiler (1.2.7)
      rake
    rb_sys (0.9.90)

PLATFORMS
  arm64-darwin-23
  ruby

DEPENDENCIES
  example!
  rake-compiler (~> 1.2)
  rb_sys (~> 0.9)

BUNDLED WITH
   2.5.3
